GIT
  remote: git://github.com/kristianmandrup/formtastic_datepicker-rails3x.git
  revision: d66ab9db54bde442aa158467f550c2bae7961207
  specs:
    formtastic_datepicker-rails3x (1.0.0)
      actionpack (>= 3.0.10)
      activesupport (>= 3.0.10)
      formtastic (>= 2.0.0)
      i18n (>= 0.4.0)

GEM
  remote: http://rubygems.org/
  specs:
    actionmailer (3.1.3)
      actionpack (= 3.1.3)
      mail (~> 2.3.0)
    actionpack (3.1.3)
      activemodel (= 3.1.3)
      activesupport (= 3.1.3)
      builder (~> 3.0.0)
      erubis (~> 2.7.0)
      i18n (~> 0.6)
      rack (~> 1.3.5)
      rack-cache (~> 1.1)
      rack-mount (~> 0.8.2)
      rack-test (~> 0.6.1)
      sprockets (~> 2.0.3)
    activemodel (3.1.3)
      activesupport (= 3.1.3)
      builder (~> 3.0.0)
      i18n (~> 0.6)
    activerecord (3.1.3)
      activemodel (= 3.1.3)
      activesupport (= 3.1.3)
      arel (~> 2.2.1)
      tzinfo (~> 0.3.29)
    activeresource (3.1.3)
      activemodel (= 3.1.3)
      activesupport (= 3.1.3)
    activesupport (3.1.3)
      multi_json (~> 1.0)
    annotate (2.4.1.beta1)
    arel (2.2.1)
    builder (3.0.0)
    chunky_png (1.2.5)
    client_side_validations (3.1.3)
    compass (0.12.alpha.4)
      chunky_png (~> 1.2)
      fssm (>= 0.2.7)
      sass (~> 3.1)
    configliere (0.4.8)
      json
    curb (0.7.18)
    default_value_for (1.0.7)
    diff-lcs (1.1.3)
    el_vfs_client (0.2.2)
      configliere
      curb
      rails
    erubis (2.7.0)
    escape (0.0.4)
    execjs (1.2.12)
      multi_json (~> 1.0)
    fabrication (1.2.0)
    ffi (1.0.11)
    formtastic (2.0.2)
      rails (~> 3.0)
    fssm (0.2.8.1)
    guard (0.8.8)
      thor (~> 0.14.6)
    guard-rspec (0.5.9)
      guard (>= 0.8.4)
    guard-spork (0.4.1)
      guard (>= 0.8.4)
      spork (>= 0.8.4)
    has_enum (0.9.4)
      rails (> 3.0.0)
    has_scope (0.5.1)
    has_searcher (0.0.10)
      rails (> 3.0.0, < 3.2.0)
    hike (1.2.1)
    hirb (0.6.0)
    hoptoad_notifier (2.4.11)
      activesupport
      builder
    i18n (0.6.0)
    inherited_resources (1.3.0)
      has_scope (~> 0.5.0)
      responders (~> 0.6.0)
    itslog (0.6.1)
    jquery-rails (1.0.19)
      railties (~> 3.0)
      thor (~> 0.14)
    json (1.6.5)
    kaminari (0.13.0)
      actionpack (>= 3.0.0)
      activesupport (>= 3.0.0)
      railties (>= 3.0.0)
    kgio (2.7.0)
    libnotify (0.6.0)
    libv8 (3.3.10.4)
    mail (2.3.0)
      i18n (>= 0.4.0)
      mime-types (~> 1.16)
      treetop (~> 1.4.8)
    mime-types (1.17.2)
    multi_json (1.0.4)
    nokogiri (1.5.0)
    pg (0.12.0)
      rake-compiler (~> 0.7)
    polyglot (0.3.3)
    pr_geohash (1.0.0)
    rack (1.3.6)
    rack-cache (1.1)
      rack (>= 0.4)
    rack-mount (0.8.3)
      rack (>= 1.0.0)
    rack-ssl (1.3.2)
      rack
    rack-test (0.6.1)
      rack (>= 1.0)
    rails (3.1.3)
      actionmailer (= 3.1.3)
      actionpack (= 3.1.3)
      activerecord (= 3.1.3)
      activeresource (= 3.1.3)
      activesupport (= 3.1.3)
      bundler (~> 1.0)
      railties (= 3.1.3)
    rails-erd (0.4.5)
      activerecord (~> 3.0)
      activesupport (~> 3.0)
      ruby-graphviz (~> 0.9.18)
    railties (3.1.3)
      actionpack (= 3.1.3)
      activesupport (= 3.1.3)
      rack-ssl (~> 1.3.2)
      rake (>= 0.8.7)
      rdoc (~> 3.4)
      thor (~> 0.14.6)
    raindrops (0.8.0)
    rake (0.9.2.2)
    rake-compiler (0.7.9)
      rake
    rb-inotify (0.8.8)
      ffi (>= 0.5.0)
    rdoc (3.12)
      json (~> 1.4)
    responders (0.6.4)
    rsolr (1.0.6)
      builder (>= 2.1.2)
    rspec (2.6.0)
      rspec-core (~> 2.6.0)
      rspec-expectations (~> 2.6.0)
      rspec-mocks (~> 2.6.0)
    rspec-core (2.6.4)
    rspec-expectations (2.6.0)
      diff-lcs (~> 1.1.2)
    rspec-mocks (2.6.0)
    rspec-rails (2.6.1)
      actionpack (~> 3.0)
      activesupport (~> 3.0)
      railties (~> 3.0)
      rspec (~> 2.6.0)
    ruby-graphviz (0.9.21)
    russian (0.6.0)
      i18n (>= 0.5.0)
    sass (3.1.12)
    sass-rails (3.1.5)
      actionpack (~> 3.1.0)
      railties (~> 3.1.0)
      sass (~> 3.1.10)
      tilt (~> 1.3.2)
    shoulda-matchers (1.0.0)
    spork (0.9.0.rc9)
    sprockets (2.0.3)
      hike (~> 1.2)
      rack (~> 1.0)
      tilt (~> 1.1, != 1.3.0)
    sqlite3 (1.3.5)
    state_machine (1.1.1)
    sunspot (1.3.0)
      escape (~> 0.0.4)
      pr_geohash (~> 1.0)
      rsolr (~> 1.0.6)
    sunspot_matchers (1.3.0.1)
    sunspot_rails (1.3.0)
      nokogiri
      sunspot (= 1.3.0)
    sunspot_solr (1.3.0)
      escape (~> 0.0.4)
    therubyracer (0.9.9)
      libv8 (~> 3.3.10)
    thor (0.14.6)
    tilt (1.3.3)
    treetop (1.4.10)
      polyglot
      polyglot (>= 0.3.1)
    tzinfo (0.3.31)
    uglifier (1.2.0)
      execjs (>= 0.3.0)
      multi_json (>= 1.0.2)
    unicorn (4.1.1)
      kgio (~> 2.4)
      rack
      raindrops (~> 0.6)

PLATFORMS
  ruby

DEPENDENCIES
  annotate (~> 2.4.1.beta1)
  client_side_validations
  compass (~> 0.12.alpha.2)
  configliere
  default_value_for
  el_vfs_client
  fabrication
  formtastic
  formtastic_datepicker-rails3x!
  guard-rspec
  guard-spork
  has_enum
  has_scope
  has_searcher
  hirb
  hoptoad_notifier
  inherited_resources
  itslog
  jquery-rails
  kaminari
  libnotify
  pg
  rails
  rails-erd
  rb-inotify
  rspec-rails (~> 2.6.0)
  russian
  sass-rails
  shoulda-matchers
  spork (~> 0.9.0.rc9)
  sqlite3
  state_machine
  sunspot_matchers
  sunspot_rails
  sunspot_solr
  therubyracer
  uglifier
  unicorn
